GEM
  remote: https://rubygems.org/
  specs:
    colorize (0.8.1)
    daemons (1.2.4)
    eventmachine (1.2.2)
    foreman (0.83.0)
      thor (~> 0.19.1)
    httplog (0.3.3)
      colorize
    rack (1.6.5)
    rack-protection (1.5.3)
      rack
    rack-proxy (0.6.0)
      rack
    rack-reverse-proxy (0.11.0)
      rack (>= 1.0.0)
      rack-proxy (~> 0.5, >= 0.5.14)
    sinatra (1.4.8)
      rack (~> 1.5)
      rack-protection (~> 1.4)
      tilt (>= 1.3, < 3)
    sinatra-cross_origin (0.3.2)
    thin (1.7.0)
      daemons (~> 1.0, >= 1.0.9)
      eventmachine (~> 1.0, >= 1.0.4)
      rack (>= 1, < 3)
    thor (0.19.4)
    tilt (2.0.6)

PLATFORMS
  ruby

DEPENDENCIES
  foreman
  httplog
  rack-reverse-proxy
  sinatra
  sinatra-cross_origin (~> 0.3.1)
  thin

BUNDLED WITH
   1.12.5
